GIT
  remote: https://github.com/truffaut/pig_latin.git
  revision: 6ab8748eed5ed91676629aef51c2675f68329fed
  specs:
    pig_latin (0.0.1)

GEM
  remote: https://rubygems.org/
  specs:
    rack (1.5.2)
    rack-protection (1.5.3)
      rack
    sinatra (1.4.5)
      rack (~> 1.4)
      rack-protection (~> 1.4)
      tilt (~> 1.3, >= 1.3.4)
    tilt (1.4.1)

PLATFORMS
  ruby

DEPENDENCIES
  pig_latin!
  sinatra
